GEM
  remote: http://rubygems.org/
  specs:
    cinch (2.0.2)
    cinch-basic_ctcp (1.0.2)
      cinch (~> 2.0)
    tzinfo (0.3.33)
    urbanterror (1.1)

PLATFORMS
  ruby

DEPENDENCIES
  cinch
  cinch-basic_ctcp
  tzinfo
  urbanterror
